GIT
  remote: https://github.com/henrik/jekyll.git
  revision: b6bbb99894fbd27f41a50ca4ef4a5e78ed54872c
  specs:
    jekyll (0.5.2)
      RedCloth (>= 4.0.4)
      classifier (>= 1.3.1)
      directory_watcher (>= 1.1.1)
      liquid (>= 1.9.0)
      maruku (>= 0.5.9)
      open4 (>= 0.9.6)

GEM
  remote: http://rubygems.org/
  specs:
    RedCloth (4.2.3)
    activesupport (2.3.5)
    cgi_multipart_eof_fix (2.5.0)
    classifier (1.3.3)
      fast-stemmer (>= 1.0.0)
    compass (0.10.6)
      haml (>= 3.0.4)
    compass-colors (0.3.1)
      compass (>= 0.8.7)
    configuration (1.2.0)
    daemons (1.1.0)
    directory_watcher (1.3.2)
    eventmachine (1.0.7)
    fast-stemmer (1.0.0)
    fastthread (1.0.7)
    foreman (0.78.0)
      thor (~> 0.19.1)
    fssm (0.2.3)
    gem_plugin (0.2.3)
    haml (3.0.25)
    heroku (1.15.1)
      json_pure (>= 1.2.0, < 1.5.0)
      launchy (~> 0.3.2)
      rest-client (>= 1.4.0, < 1.7.0)
    json_pure (1.4.6)
    launchy (0.3.7)
      configuration (>= 0.0.5)
      rake (>= 0.8.1)
    liquid (2.2.2)
    maruku (0.6.0)
      syntax (>= 1.0.0)
    mime-types (1.16)
    mongrel (1.1.5)
      cgi_multipart_eof_fix (>= 2.4)
      daemons (>= 1.0.3)
      fastthread (>= 1.0.1)
      gem_plugin (>= 0.2.3)
    open4 (1.0.1)
    rack (1.2.1)
    rack-rewrite (1.0.2)
    rake (0.8.7)
    rdiscount (1.6.5)
    rest-client (1.6.1)
      mime-types (>= 1.16)
    serve (0.11.7)
      activesupport (>= 2.3.5)
      rack (>= 1.2.1)
    syntax (1.0.0)
    thin (1.6.3)
      daemons (~> 1.0, >= 1.0.9)
      eventmachine (~> 1.0)
      rack (~> 1.0)
    thor (0.19.1)

PLATFORMS
  ruby

DEPENDENCIES
  activesupport (= 2.3.5)
  compass
  compass-colors
  foreman
  fssm
  heroku
  jekyll!
  mongrel
  rack
  rack-rewrite (~> 1.0.0)
  rake
  rdiscount
  serve
  thin
